PATH
  remote: .
  specs:
    sensu-plugins-process-count-metrics (0.0.1)
      sensu-plugin (~> 1.2)

GEM
  remote: https://rubygems.org/
  specs:
    diff-lcs (1.4.4)
    json (1.8.6)
    mixlib-cli (1.7.0)
    rspec (3.10.0)
      rspec-core (~> 3.10.0)
      rspec-expectations (~> 3.10.0)
      rspec-mocks (~> 3.10.0)
    rspec-core (3.10.0)
      rspec-support (~> 3.10.0)
    rspec-expectations (3.10.0)
      diff-lcs (>= 1.2.0, < 2.0)
      rspec-support (~> 3.10.0)
    rspec-mocks (3.10.0)
      diff-lcs (>= 1.2.0, < 2.0)
      rspec-support (~> 3.10.0)
    rspec-support (3.10.0)
    sensu-plugin (1.4.7)
      json (< 2.0.0)
      mixlib-cli (~> 1.5)

PLATFORMS
  ruby

DEPENDENCIES
  rspec (~> 3.0)
  sensu-plugins-process-count-metrics!

BUNDLED WITH
   1.16.0
